GEM
  remote: http://rubygems.org/
  specs:
    cinch (1.1.3)
    google_image_api (0.0.1)
    nokogiri (1.5.0)

PLATFORMS
  ruby

DEPENDENCIES
  cinch
  google_image_api
  nokogiri
